PATH
  remote: .
  specs:
    dtk-action-agent (0.0.6)
      awesome_print (= 1.1.0)
      git (= 1.2.9.1)
      json (= 1.8.2)

GEM
  remote: http://rubygems.org/
  specs:
    awesome_print (1.1.0)
    git (1.2.9.1)
    json (1.8.2)

PLATFORMS
  ruby

DEPENDENCIES
  dtk-action-agent!
